PATH
  remote: .
  specs:
    best_books_md (0.1.0)
      nokogiri

GEM
  remote: https://rubygems.org/
  specs:
    mini_portile2 (2.4.0)
    nokogiri (1.10.1)
      mini_portile2 (~> 2.4.0)
    rake (10.4.2)

PLATFORMS
  ruby

DEPENDENCIES
  best_books_md!
  bundler (~> 2.0)
  rake (~> 10.0)

BUNDLED WITH
   2.0.1
